GEM
  remote: http://rubygems.org/
  specs:
    erubis (2.7.0)
    httparty (0.8.3)
      multi_json (~> 1.0)
      multi_xml
    multi_json (1.3.6)
    multi_xml (0.5.1)
    nokogiri (1.5.4)
    rack (1.4.1)
    rack-protection (1.2.0)
      rack
    sanitize (2.0.3)
      nokogiri (>= 1.4.4, < 1.6)
    silva (0.0.9)
    sinatra (1.3.2)
      rack (~> 1.3, >= 1.3.6)
      rack-protection (~> 1.2)
      tilt (~> 1.3, >= 1.3.3)
    tilt (1.3.3)

PLATFORMS
  ruby

DEPENDENCIES
  erubis
  httparty
  nokogiri
  sanitize
  silva
  sinatra
